GEM
  remote: https://rubygems.org/
  specs:
    rugged (1.0.1)

PLATFORMS
  ruby

DEPENDENCIES
  rugged

BUNDLED WITH
   1.17.3
